GEM
  remote: https://rubygems.org/
  specs:
    sass (3.4.16)

PLATFORMS
  ruby

DEPENDENCIES
  sass (~> 3.4)

BUNDLED WITH
   1.10.6
